PATH
  remote: .
  specs:
    js_scraping_demo (0.1.0)
      nokogiri
      watir (~> 6.6)
      webdrivers

GEM
  remote: https://rubygems.org/
  specs:
    childprocess (0.9.0)
      ffi (~> 1.0, >= 1.0.11)
    coderay (1.1.2)
    diff-lcs (1.3)
    ffi (1.10.0)
    method_source (0.9.2)
    mini_portile2 (2.4.0)
    net_http_ssl_fix (0.0.10)
    nokogiri (1.10.8)
      mini_portile2 (~> 2.4.0)
    pry (0.12.2)
      coderay (~> 1.1.0)
      method_source (~> 0.9.0)
    rake (10.5.0)
    regexp_parser (1.3.0)
    rspec (3.8.0)
      rspec-core (~> 3.8.0)
      rspec-expectations (~> 3.8.0)
      rspec-mocks (~> 3.8.0)
    rspec-core (3.8.0)
      rspec-support (~> 3.8.0)
    rspec-expectations (3.8.2)
      diff-lcs (>= 1.2.0, < 2.0)
      rspec-support (~> 3.8.0)
    rspec-mocks (3.8.0)
      diff-lcs (>= 1.2.0, < 2.0)
      rspec-support (~> 3.8.0)
    rspec-support (3.8.0)
    rubyzip (1.2.2)
    selenium-webdriver (3.141.0)
      childprocess (~> 0.5)
      rubyzip (~> 1.2, >= 1.2.2)
    watir (6.16.5)
      regexp_parser (~> 1.2)
      selenium-webdriver (~> 3.6)
    webdrivers (3.6.0)
      net_http_ssl_fix
      nokogiri (~> 1.6)
      rubyzip (~> 1.0)
      selenium-webdriver (~> 3.0)

PLATFORMS
  ruby

DEPENDENCIES
  bundler (~> 2.0)
  js_scraping_demo!
  pry
  rake (~> 10.0)
  rspec (~> 3.0)

BUNDLED WITH
   2.0.1
